GEM
  remote: https://rubygems.org/
  specs:
    activemodel (6.1.2)
      activesupport (= 6.1.2)
    activerecord (6.1.2)
      activemodel (= 6.1.2)
      activesupport (= 6.1.2)
    activerecord-import (1.0.7)
      activerecord (>= 3.2)
    activesupport (6.1.2)
      concurrent-ruby (~> 1.0, >= 1.0.2)
      i18n (>= 1.6, < 2)
      minitest (>= 5.1)
      tzinfo (~> 2.0)
      zeitwerk (~> 2.3)
    bio (2.0.2)
    biodiversity (5.1.2)
      ffi (~> 1.14)
    byebug (11.1.3)
    concurrent-ruby (1.1.8)
    countries (1.2.5)
      currencies (~> 0.4.2)
      i18n_data (~> 0.7.0)
    currencies (0.4.2)
    ffi (1.14.2)
    i18n (1.8.8)
      concurrent-ruby (~> 1.0)
    i18n_data (0.7.0)
    minitest (5.14.3)
    rexml (3.2.4)
    rubyzip (2.3.0)
    sqlite3 (1.4.2)
    tzinfo (2.0.4)
      concurrent-ruby (~> 1.0)
    zeitwerk (2.4.2)

PLATFORMS
  x86_64-linux

DEPENDENCIES
  activerecord (~> 6.0, >= 6.0.3.3)
  activerecord-import
  bio
  biodiversity (~> 5.1, >= 5.1.2)
  byebug
  countries (~> 1.2, >= 1.2.5)
  rexml (~> 3.2, >= 3.2.4)
  rubyzip (~> 2.3)
  sqlite3

BUNDLED WITH
   2.2.3
